GIT
  remote: git@github.com:ifad/ruote.git
  revision: f48e023888d0a1dccc2b584a362d94fe1df61934
  branch: chore/remove-fixnum-deprecations
  specs:
    ruote (2.3.1)
      blankslate (= 2.1.2.4)
      parslet (= 1.4.0)
      ruby_parser (~> 2.3)
      rufus-cloche (>= 1.0.2)
      rufus-dollar (>= 1.0.4)
      rufus-json (>= 1.0.5)
      rufus-mnemo (>= 1.2.2)
      rufus-scheduler (>= 3.0.0)
      rufus-treechecker (>= 1.0.8)
      sourcify (= 0.5.0)

GIT
  remote: git@github.com:ifad/sinatra-respond_to.git
  revision: 935ce99742f950a21638671b706fb02883bbf3d0
  branch: feature/sinatra2
  specs:
    sinatra-respond_to (0.9.0)
      sinatra (>= 1.3)

PATH
  remote: .
  specs:
    ruote-kit (2.3.0.2)
      haml (>= 3.1.4)
      rufus-json (>= 0.2.5)
      sinatra (>= 1.2.0)
      sinatra-respond_to (>= 0.8.0)

GEM
  remote: http://rubygems.org/
  specs:
    blankslate (2.1.2.4)
    byebug (11.1.3)
    concurrent-ruby (1.1.7)
    diff-lcs (1.2.4)
    et-orbi (1.2.4)
      tzinfo
    file-tail (1.2.0)
      tins (~> 1.0)
    fugit (1.4.0)
      et-orbi (~> 1.1, >= 1.1.8)
      raabro (~> 1.4)
    haml (5.2.0)
      temple (>= 0.8.0)
      tilt
    nokogiri (1.5.9)
    parslet (1.4.0)
      blankslate (~> 2.0)
    raabro (1.4.0)
    rack (1.5.2)
    rack-protection (1.5.5)
      rack
    rack-test (0.5.7)
      rack (>= 1.0)
    rake (10.0.4)
    rspec (2.13.0)
      rspec-core (~> 2.13.0)
      rspec-expectations (~> 2.13.0)
      rspec-mocks (~> 2.13.0)
    rspec-core (2.13.1)
    rspec-expectations (2.13.0)
      diff-lcs (>= 1.1.3, < 2.0)
    rspec-mocks (2.13.1)
    ruby2ruby (1.3.1)
      ruby_parser (~> 2.0)
      sexp_processor (~> 3.0)
    ruby_parser (2.3.1)
      sexp_processor (~> 3.0)
    rufus-cloche (1.0.4)
      rufus-json (>= 1.0.3)
    rufus-dollar (1.0.4)
    rufus-json (1.0.6)
    rufus-mnemo (1.2.3)
    rufus-scheduler (3.6.0)
      fugit (~> 1.1, >= 1.1.6)
    rufus-treechecker (1.0.8)
      ruby_parser (>= 2.0.5)
    sexp_processor (3.2.0)
    sinatra (1.4.8)
      rack (~> 1.5)
      rack-protection (~> 1.4)
      tilt (>= 1.3, < 3)
    sourcify (0.5.0)
      file-tail (>= 1.0.5)
      ruby2ruby (>= 1.2.5)
      ruby_parser (>= 2.0.5)
      sexp_processor (>= 3.0.5)
    sync (0.5.0)
    temple (0.8.2)
    tilt (2.0.10)
    tins (1.26.0)
      sync
    tzinfo (2.0.3)
      concurrent-ruby (~> 1.0)
    webrat (0.7.3)
      nokogiri (>= 1.2.0)
      rack (>= 1.0)
      rack-test (>= 0.5.3)
    yajl-ruby (1.4.1)

PLATFORMS
  ruby

DEPENDENCIES
  byebug
  rack-test (= 0.5.7)
  rake
  rspec (>= 2.5.0)
  ruote!
  ruote-kit!
  sinatra-respond_to!
  webrat (= 0.7.3)
  yajl-ruby

BUNDLED WITH
   2.1.4
